GEM
  remote: https://rubygems.org/
  specs:
    haml (4.0.4)
      tilt
    i18n (0.6.9)
    rack (1.5.2)
    rack-protection (1.5.3)
      rack
    sinatra (1.4.5)
      rack (~> 1.4)
      rack-protection (~> 1.4)
      tilt (~> 1.3, >= 1.3.4)
    tilt (1.4.1)

PLATFORMS
  ruby

DEPENDENCIES
  haml
  i18n
  sinatra
